GEM
  remote: https://rubygems.org/
  specs:
    aws-sdk (2.2.14)
      aws-sdk-resources (= 2.2.14)
    aws-sdk-core (2.2.14)
      jmespath (~> 1.0)
    aws-sdk-resources (2.2.14)
      aws-sdk-core (= 2.2.14)
    git (1.2.9.1)
    jmespath (1.1.3)
    json (1.8.3)

PLATFORMS
  ruby

DEPENDENCIES
  aws-sdk (~> 2.2.0)
  git (~> 1.2.9)
  json

BUNDLED WITH
   1.13.2
